PATH
  remote: .
  specs:
    fluent-plugin-swift (0.0.4rc2)
      fluentd (>= 0.14.2, <= 1.7.4)
      fog-openstack
      uuidtools

GEM
  remote: https://rubygems.org/
  specs:
    builder (3.2.4)
    concurrent-ruby (1.1.6)
    cool.io (1.6.0)
    dig_rb (1.0.1)
    excon (0.73.0)
    flexmock (2.3.6)
    fluentd (1.7.4)
      cool.io (>= 1.4.5, < 2.0.0)
      dig_rb (~> 1.0.0)
      http_parser.rb (>= 0.5.1, < 0.7.0)
      msgpack (>= 1.2.0, < 2.0.0)
      serverengine (>= 2.0.4, < 3.0.0)
      sigdump (~> 0.2.2)
      strptime (>= 0.2.2, < 1.0.0)
      tzinfo (~> 2.0)
      tzinfo-data (~> 1.0)
      yajl-ruby (~> 1.0)
    fog-core (2.2.0)
      builder
      excon (~> 0.71)
      formatador (~> 0.2)
      mime-types
    fog-json (1.2.0)
      fog-core
      multi_json (~> 1.10)
    fog-openstack (1.0.10)
      fog-core (~> 2.1)
      fog-json (>= 1.0)
      ipaddress (>= 0.8)
    formatador (0.2.5)
    http_parser.rb (0.6.0)
    ipaddress (0.8.3)
    mime-types (3.3.1)
      mime-types-data (~> 3.2015)
    mime-types-data (3.2020.0425)
    msgpack (1.3.3)
    multi_json (1.14.1)
    power_assert (1.2.0)
    rake (12.3.3)
    serverengine (2.2.1)
      sigdump (~> 0.2.2)
    sigdump (0.2.4)
    strptime (0.2.3)
    test-unit (3.3.5)
      power_assert
    tzinfo (2.0.2)
      concurrent-ruby (~> 1.0)
    tzinfo-data (1.2020.1)
      tzinfo (>= 1.0.0)
    uuidtools (2.1.5)
    yajl-ruby (1.4.1)

PLATFORMS
  ruby

DEPENDENCIES
  bundler (>= 1.14)
  flexmock (>= 1.2.0)
  fluent-plugin-swift!
  rake (~> 12.0)
  test-unit (>= 3.1.0)

BUNDLED WITH
   2.1.4
